PATH
  remote: .
  specs:
    baidu_ueditor_rails (0.0.5)

GEM
  remote: https://rubygems.org/
  specs:

PLATFORMS
  ruby

DEPENDENCIES
  baidu_ueditor_rails!
